GIT
  remote: https://github.com/Seriell/commandrb.git
  revision: ed22a716553a9fa18e947537b3b9b0e56fa4d45d
  specs:
    commandrb (0.4.7.2)
      discordrb (~> 3.1, >= 3.1.0)

GIT
  remote: https://github.com/meew0/discordrb.git
  revision: 0f74a1e10def06fa82c34a9d517174a496f00657
  specs:
    discordrb (3.3.0)
      discordrb-webhooks (~> 3.3.0)
      ffi (>= 1.9.24)
      opus-ruby
      rest-client (>= 2.0.0)
      websocket-client-simple (>= 0.3.0)
    discordrb-webhooks (3.3.0)
      rest-client (>= 2.1.0.rc1)

GIT
  remote: https://github.com/seejohnrun/easy_translate.git
  revision: 6df8b362ca9090c5b56e0ccb83b707750bb4b657
  specs:
    easy_translate (0.5.0)
      thread
      thread_safe

GEM
  remote: http://rubygems.org/
  specs:
    chunky_png (1.3.11)
    coderay (1.1.2)
    domain_name (0.5.20190701)
      unf (>= 0.0.5, < 1.0.0)
    event_emitter (0.2.6)
    faraday (0.17.0)
      multipart-post (>= 1.2, < 3)
    ffi (1.11.2)
    ffi (1.11.2-x64-mingw32)
    haste (0.2.3)
      faraday (~> 0.9)
      json
    http-accept (1.7.0)
    http-cookie (1.0.3)
      domain_name (~> 0.5)
    json (2.2.0)
    method_source (0.9.2)
    mime-types (3.3)
      mime-types-data (~> 3.2015)
    mime-types-data (3.2019.1009)
    multipart-post (2.1.1)
    netrc (0.11.0)
    opus-ruby (1.0.1)
      ffi
    pomf.rb (1.0.0)
    pry (0.12.2)
      coderay (~> 1.1.0)
      method_source (~> 0.9.0)
    rainbow (3.0.0)
    rake (13.0.1)
    redis (4.1.3)
    redis-namespace (1.6.0)
      redis (>= 3.0.4)
    rest-client (2.1.0)
      http-accept (>= 1.7.0, < 2.0)
      http-cookie (>= 1.0.2, < 2.0)
      mime-types (>= 1.16, < 4.0)
      netrc (~> 0.8)
    rest-client (2.1.0-x64-mingw32)
      ffi (~> 1.9)
      http-accept (>= 1.7.0, < 2.0)
      http-cookie (>= 1.0.2, < 2.0)
      mime-types (>= 1.16, < 4.0)
      netrc (~> 0.8)
    rqrcode (1.1.2)
      chunky_png (~> 1.0)
      rqrcode_core (~> 0.1)
    rqrcode_core (0.1.1)
    rumoji (0.5.0)
    thread (0.2.2)
    thread_safe (0.3.6)
    unf (0.1.4)
      unf_ext
    unf_ext (0.0.7.6)
    websocket (1.2.8)
    websocket-client-simple (0.3.0)
      event_emitter
      websocket

PLATFORMS
  ruby
  x64-mingw32

DEPENDENCIES
  commandrb!
  discordrb!
  easy_translate!
  haste
  pomf.rb
  pry
  rainbow
  rake
  redis
  redis-namespace
  rqrcode
  rumoji

BUNDLED WITH
   2.0.2
